GIT
  remote: git://github.com/mark-moseley/linecache
  revision: 869c6a65155068415925067e480741bd0a71527e
  specs:
    linecache19 (0.5.12)
      ruby_core_source (>= 0.1.4)

GIT
  remote: https://github.com/mark-moseley/ruby-debug.git
  revision: 0172318534807298338b011bf369377926b6c18a
  specs:
    ruby-debug-base19 (0.12.0)
      columnize (>= 0.3.1)
      linecache19 (>= 0.5.11)
      ruby_core_source (>= 0.1.4)

PATH
  remote: /opt/graphite_graph
  specs:
    graphite_graph (0.0.8)
      typhoeus
      yajl-ruby

GEM
  remote: http://rubygems.org/
  remote: http://rubydebug19.s3.amazonaws.com/
  specs:
    archive-tar-minitar (0.5.2)
    columnize (0.3.6)
    debugger (1.2.0)
      columnize (>= 0.3.1)
      debugger-linecache (~> 1.1.1)
      debugger-ruby_core_source (~> 1.1.3)
    debugger-linecache (1.1.2)
      debugger-ruby_core_source (>= 1.1.1)
    debugger-rails (0.0.1)
      rack-debug
    debugger-ruby_core_source (1.1.3)
    ffi (1.1.5)
    mime-types (1.19)
    rack (1.4.1)
    rack-debug (2.0.0)
      rack (>= 1.0)
      ruby-debug19 (~> 0.11.6)
    rack-protection (1.2.0)
      rack
    redcarpet (2.1.1)
    ruby-debug19 (0.11.6)
      columnize (>= 0.3.1)
      linecache19 (>= 0.5.11)
      ruby-debug-base19 (>= 0.11.19)
    ruby_core_source (0.1.5)
      archive-tar-minitar (>= 0.5.2)
    sinatra (1.3.3)
      rack (~> 1.3, >= 1.3.6)
      rack-protection (~> 1.2)
      tilt (~> 1.3, >= 1.3.3)
    tilt (1.3.3)
    typhoeus (0.4.2)
      ffi (~> 1.0)
      mime-types (~> 1.18)
    yajl-ruby (1.1.0)

PLATFORMS
  ruby

DEPENDENCIES
  debugger
  debugger-rails
  graphite_graph!
  linecache19!
  redcarpet
  ruby-debug-base19!
  ruby-debug19
  sinatra